GEM
  remote: https://rubygems.org/
  specs:
    ansible (0.2.0)

PLATFORMS
  ruby

DEPENDENCIES
  ansible
